GEM
  remote: https://rubygems.org/
  specs:
    nio4r (2.5.5)
    puma (5.2.1)
      nio4r (~> 2.0)
    rack (2.2.3)

PLATFORMS
  x86_64-linux

DEPENDENCIES
  puma (~> 5.2)
  rack (~> 2.2)

BUNDLED WITH
   2.2.11
